GIT
  remote: https://github.com/haf/semver.git
  revision: 515fc5c6ccec6eee1bdd7b7e94e7ff505cecf935
  specs:
    semver2 (3.4.2)

GIT
  remote: https://github.com/telegram-bot-rb/telegram-bot.git
  revision: 14370bd8ded7dd6f273d9b1717aa50827437761d
  specs:
    telegram-bot (0.16.7)
      actionpack (>= 4.0, < 8.1)
      activesupport (>= 4.0, < 8.1)
      httpclient (~> 2.7)

GIT
  remote: https://github.com/thoughtbot/administrate.git
  revision: 2e4221e48a18af023951b545d326dc79fd6ad86c
  specs:
    administrate (1.0.0.beta3)
      actionpack (>= 6.0, < 9.0)
      actionview (>= 6.0, < 9.0)
      activerecord (>= 6.0, < 9.0)
      kaminari (~> 1.2.2)

GEM
  remote: https://rubygems.org/
  specs:
    actioncable (8.0.4)
      actionpack (= 8.0.4)
      activesupport (= 8.0.4)
      nio4r (~> 2.0)
      websocket-driver (>= 0.6.1)
      zeitwerk (~> 2.6)
    actionmailbox (8.0.4)
      actionpack (= 8.0.4)
      activejob (= 8.0.4)
      activerecord (= 8.0.4)
      activestorage (= 8.0.4)
      activesupport (= 8.0.4)
      mail (>= 2.8.0)
    actionmailer (8.0.4)
      actionpack (= 8.0.4)
      actionview (= 8.0.4)
      activejob (= 8.0.4)
      activesupport (= 8.0.4)
      mail (>= 2.8.0)
      rails-dom-testing (~> 2.2)
    actionpack (8.0.4)
      actionview (= 8.0.4)
      activesupport (= 8.0.4)
      nokogiri (>= 1.8.5)
      rack (>= 2.2.4)
      rack-session (>= 1.0.1)
      rack-test (>= 0.6.3)
      rails-dom-testing (~> 2.2)
      rails-html-sanitizer (~> 1.6)
      useragent (~> 0.16)
    actiontext (8.0.4)
      actionpack (= 8.0.4)
      activerecord (= 8.0.4)
      activestorage (= 8.0.4)
      activesupport (= 8.0.4)
      globalid (>= 0.6.0)
      nokogiri (>= 1.8.5)
    actionview (8.0.4)
      activesupport (= 8.0.4)
      builder (~> 3.1)
      erubi (~> 1.11)
      rails-dom-testing (~> 2.2)
      rails-html-sanitizer (~> 1.6)
    active_link_to (1.0.5)
      actionpack
      addressable
    activejob (8.0.4)
      activesupport (= 8.0.4)
      globalid (>= 0.3.6)
    activemodel (8.0.4)
      activesupport (= 8.0.4)
    activemodel-serializers-xml (1.0.3)
      activemodel (>= 5.0.0.a)
      activesupport (>= 5.0.0.a)
      builder (~> 3.1)
    activerecord (8.0.4)
      activemodel (= 8.0.4)
      activesupport (= 8.0.4)
      timeout (>= 0.4.0)
    activestorage (8.0.4)
      actionpack (= 8.0.4)
      activejob (= 8.0.4)
      activerecord (= 8.0.4)
      activesupport (= 8.0.4)
      marcel (~> 1.0)
    activesupport (8.0.4)
      base64
      benchmark (>= 0.3)
      bigdecimal
      concurrent-ruby (~> 1.0, >= 1.3.1)
      connection_pool (>= 2.2.5)
      drb
      i18n (>= 1.6, < 2)
      logger (>= 1.4.2)
      minitest (>= 5.1)
      securerandom (>= 0.3)
      tzinfo (~> 2.0, >= 2.0.5)
      uri (>= 0.13.1)
    addressable (2.8.7)
      public_suffix (>= 2.0.2, < 7.0)
    anyway_config (2.7.2)
      ruby-next-core (~> 1.0)
    ast (2.4.2)
    backport (1.2.0)
    base64 (0.3.0)
    bcrypt (3.1.20)
    bcrypt_pbkdf (1.1.1)
    benchmark (0.5.0)
    bigdecimal (3.3.1)
    bindex (0.8.1)
    bootsnap (1.18.6)
      msgpack (~> 1.2)
    bootstrap-icons (1.0.15)
      nokogiri (~> 1)
    bootstrap-icons-helper (2.0.3)
      bootstrap-icons (~> 1)
      rails (>= 7.1)
    brakeman (7.1.0)
      racc
    bugsnag (6.27.1)
      concurrent-ruby (~> 1.0)
    builder (3.3.0)
    capybara (3.40.0)
      addressable
      matrix
      mini_mime (>= 0.1.3)
      nokogiri (~> 1.11)
      rack (>= 1.6.0)
      rack-test (>= 0.6.3)
      regexp_parser (>= 1.5, < 3.0)
      xpath (~> 3.2)
    chartkick (5.1.2)
    childprocess (5.1.0)
      logger (~> 1.5)
    coderay (1.1.3)
    concurrent-ruby (1.3.5)
    connection_pool (2.5.4)
    crass (1.0.6)
    cssbundling-rails (1.4.3)
      railties (>= 6.0.0)
    csv (3.3.5)
    csv2md (1.1.3)
    date (3.5.0)
    debug (1.11.0)
      irb (~> 1.10)
      reline (>= 0.3.8)
    declarative (0.0.20)
    diff-lcs (1.6.2)
    dip (8.2.5)
      json-schema (~> 5)
      public_suffix (>= 2.0.2, < 6.0)
      thor (>= 0.20, < 2)
    dotenv (3.1.8)
    draper (4.0.4)
      actionpack (>= 5.0)
      activemodel (>= 5.0)
      activemodel-serializers-xml (>= 1.0)
      activesupport (>= 5.0)
      request_store (>= 1.0)
      ruby2_keywords
    drb (2.2.3)
    dry-initializer (3.2.0)
    ed25519 (1.4.0)
    erb (5.1.3)
    erubi (1.13.1)
    et-orbi (1.2.11)
      tzinfo
    event_stream_parser (1.0.0)
    faker (3.5.2)
      i18n (>= 1.8.11, < 2)
    faraday (2.13.1)
      faraday-net_http (>= 2.0, < 3.5)
      json
      logger
    faraday-follow_redirects (0.3.0)
      faraday (>= 1, < 3)
    faraday-multipart (1.1.1)
      multipart-post (~> 2.0)
    faraday-net_http (3.4.1)
      net-http (>= 0.5.0)
    faraday-retry (2.3.2)
      faraday (~> 2.0)
    ffi (1.17.1-aarch64-linux-gnu)
    ffi (1.17.1-aarch64-linux-musl)
    ffi (1.17.1-arm-linux-gnu)
    ffi (1.17.1-arm-linux-musl)
    ffi (1.17.1-arm64-darwin)
    ffi (1.17.1-x86_64-linux-gnu)
    ffi (1.17.1-x86_64-linux-musl)
    formatador (1.1.0)
    fugit (1.11.1)
      et-orbi (~> 1, >= 1.2.11)
      raabro (~> 1.4)
    globalid (1.3.0)
      activesupport (>= 6.1)
    google-apis-core (1.0.1)
      addressable (~> 2.8, >= 2.8.7)
      faraday (~> 2.13)
      faraday-follow_redirects (~> 0.3)
      googleauth (~> 1.14)
      mini_mime (~> 1.1)
      representable (~> 3.0)
      retriable (~> 3.1)
    google-apis-drive_v3 (0.69.0)
      google-apis-core (>= 0.15.0, < 2.a)
    google-apis-sheets_v4 (0.45.0)
      google-apis-core (>= 0.15.0, < 2.a)
    google-cloud-env (2.3.1)
      base64 (~> 0.2)
      faraday (>= 1.0, < 3.a)
    google-logging-utils (0.2.0)
    google_drive_maintained (3.0.11)
      google-apis-drive_v3 (>= 0.63.0)
      google-apis-sheets_v4 (>= 0.42.0)
      googleauth (>= 1.14)
      nokogiri (>= 1.18, < 2.0.0)
    googleauth (1.15.0)
      faraday (>= 1.0, < 3.a)
      google-cloud-env (~> 2.2)
      google-logging-utils (~> 0.1)
      jwt (>= 1.4, < 4.0)
      multi_json (~> 1.11)
      os (>= 0.9, < 2.0)
      signet (>= 0.16, < 2.a)
    groupdate (6.5.1)
      activesupport (>= 7)
    guard (2.19.1)
      formatador (>= 0.2.4)
      listen (>= 2.7, < 4.0)
      logger (~> 1.6)
      lumberjack (>= 1.0.12, < 2.0)
      nenv (~> 0.1)
      notiffany (~> 0.0)
      ostruct (~> 0.6)
      pry (>= 0.13.0)
      shellany (~> 0.0)
      thor (>= 0.18.1)
    guard-compat (1.2.1)
    guard-ctags-bundler (1.4.0)
      guard (>= 2.0)
      guard-compat (>= 0.1.0)
    guard-minitest (2.4.6)
      guard-compat (~> 1.2)
      minitest (>= 3.0)
    guard-rails (0.8.1)
      guard (~> 2.11)
      guard-compat (~> 1.0)
    guard-rubocop (1.5.0)
      guard (~> 2.0)
      rubocop (< 2.0)
    guard-shell (0.7.2)
      guard (>= 2.0.0)
      guard-compat (~> 1.0)
    hashie (5.0.0)
    hiredis (0.6.3)
    httpclient (2.8.3)
    i18n (1.14.7)
      concurrent-ruby (~> 1.0)
    importmap-rails (2.1.0)
      actionpack (>= 6.0.0)
      activesupport (>= 6.0.0)
      railties (>= 6.0.0)
    io-console (0.8.1)
    irb (1.15.2)
      pp (>= 0.6.0)
      rdoc (>= 4.0.0)
      reline (>= 0.4.2)
    jaro_winkler (1.6.1)
    jbuilder (2.13.0)
      actionview (>= 5.0.0)
      activesupport (>= 5.0.0)
    json (2.12.2)
    json-schema (5.1.1)
      addressable (~> 2.8)
      bigdecimal (~> 3.1)
    jwt (2.10.1)
      base64
    kamal (2.6.1)
      activesupport (>= 7.0)
      base64 (~> 0.2)
      bcrypt_pbkdf (~> 1.0)
      concurrent-ruby (~> 1.2)
      dotenv (~> 3.1)
      ed25519 (~> 1.4)
      net-ssh (~> 7.3)
      sshkit (>= 1.23.0, < 2.0)
      thor (~> 1.3)
      zeitwerk (>= 2.6.18, < 3.0)
    kaminari (1.2.2)
      activesupport (>= 4.1.0)
      kaminari-actionview (= 1.2.2)
      kaminari-activerecord (= 1.2.2)
      kaminari-core (= 1.2.2)
    kaminari-actionview (1.2.2)
      actionview
      kaminari-core (= 1.2.2)
    kaminari-activerecord (1.2.2)
      activerecord
      kaminari-core (= 1.2.2)
    kaminari-core (1.2.2)
    kramdown (2.5.1)
      rexml (>= 3.3.9)
    kramdown-parser-gfm (1.1.0)
      kramdown (~> 2.0)
    language_server-protocol (3.17.0.4)
    launchy (3.1.1)
      addressable (~> 2.8)
      childprocess (~> 5.0)
      logger (~> 1.6)
    letter_opener (1.10.0)
      launchy (>= 2.2, < 4)
    letter_opener_web (3.0.0)
      actionmailer (>= 6.1)
      letter_opener (~> 1.9)
      railties (>= 6.1)
      rexml
    lint_roller (1.1.0)
    listen (3.9.0)
      rb-fsevent (~> 0.10, >= 0.10.3)
      rb-inotify (~> 0.9, >= 0.9.10)
    logger (1.7.0)
    loofah (2.24.1)
      crass (~> 1.0.2)
      nokogiri (>= 1.12.0)
    lumberjack (1.2.10)
    mail (2.9.0)
      logger
      mini_mime (>= 0.1.1)
      net-imap
      net-pop
      net-smtp
    mailgun-ruby (1.3.7)
      faraday (~> 2.1)
      faraday-multipart (~> 1.1.0)
      mime-types
    marcel (1.1.0)
    matrix (0.4.2)
    method_source (1.1.0)
    mime-types (3.7.0)
      logger
      mime-types-data (~> 3.2025, >= 3.2025.0507)
    mime-types-data (3.2025.0624)
    mini_mime (1.1.5)
    minitest (5.25.5)
    msgpack (1.8.0)
    multi_json (1.17.0)
    multi_xml (0.7.1)
      bigdecimal (~> 3.1)
    multipart-post (2.4.1)
    mutex_m (0.3.0)
    nanoid (2.0.0)
    nenv (0.3.0)
    net-http (0.6.0)
      uri
    net-imap (0.5.12)
      date
      net-protocol
    net-pop (0.1.2)
      net-protocol
    net-protocol (0.2.2)
      timeout
    net-scp (4.1.0)
      net-ssh (>= 2.6.5, < 8.0.0)
    net-sftp (4.0.0)
      net-ssh (>= 5.0.0, < 8.0.0)
    net-smtp (0.5.1)
      net-protocol
    net-ssh (7.3.0)
    nio4r (2.7.4)
    nokogiri (1.18.10-aarch64-linux-gnu)
      racc (~> 1.4)
    nokogiri (1.18.10-aarch64-linux-musl)
      racc (~> 1.4)
    nokogiri (1.18.10-arm-linux-gnu)
      racc (~> 1.4)
    nokogiri (1.18.10-arm-linux-musl)
      racc (~> 1.4)
    nokogiri (1.18.10-arm64-darwin)
      racc (~> 1.4)
    nokogiri (1.18.10-x86_64-linux-gnu)
      racc (~> 1.4)
    nokogiri (1.18.10-x86_64-linux-musl)
      racc (~> 1.4)
    notiffany (0.1.3)
      nenv (~> 0.1)
      shellany (~> 0.0)
    oauth (1.1.0)
      oauth-tty (~> 1.0, >= 1.0.1)
      snaky_hash (~> 2.0)
      version_gem (~> 1.1)
    oauth-tty (1.0.5)
      version_gem (~> 1.1, >= 1.1.1)
    oauth2 (2.0.9)
      faraday (>= 0.17.3, < 3.0)
      jwt (>= 1.0, < 3.0)
      multi_xml (~> 0.5)
      rack (>= 1.2, < 4)
      snaky_hash (~> 2.0)
      version_gem (~> 1.1)
    observer (0.1.2)
    os (1.1.4)
    ostruct (0.6.1)
    parallel (1.26.3)
    parser (3.3.7.1)
      ast (~> 2.4.1)
      racc
    pg (1.5.9)
    pp (0.6.3)
      prettyprint
    prettyprint (0.2.0)
    prism (1.4.0)
    prometheus-client-mmap (1.2.9)
      base64
      bigdecimal
      logger
      rb_sys (~> 0.9.109)
    prometheus-client-mmap (1.2.9-aarch64-linux-gnu)
      base64
      bigdecimal
      logger
      rb_sys (~> 0.9.109)
    prometheus-client-mmap (1.2.9-aarch64-linux-musl)
      base64
      bigdecimal
      logger
      rb_sys (~> 0.9.109)
    prometheus-client-mmap (1.2.9-arm64-darwin)
      base64
      bigdecimal
      logger
      rb_sys (~> 0.9.109)
    prometheus-client-mmap (1.2.9-x86_64-linux-gnu)
      base64
      bigdecimal
      logger
      rb_sys (~> 0.9.109)
    prometheus-client-mmap (1.2.9-x86_64-linux-musl)
      base64
      bigdecimal
      logger
      rb_sys (~> 0.9.109)
    propshaft (1.1.0)
      actionpack (>= 7.0.0)
      activesupport (>= 7.0.0)
      rack
      railties (>= 7.0.0)
    pry (0.15.2)
      coderay (~> 1.1)
      method_source (~> 1.0)
    psych (5.2.6)
      date
      stringio
    public_suffix (5.1.1)
    puma (6.6.1)
      nio4r (~> 2.0)
    raabro (1.4.0)
    racc (1.8.1)
    rack (3.2.3)
    rack-cors (3.0.0)
      logger
      rack (>= 3.0.14)
    rack-session (2.1.1)
      base64 (>= 0.1.0)
      rack (>= 3.0.0)
    rack-test (2.2.0)
      rack (>= 1.3)
    rackup (2.2.1)
      rack (>= 3)
    rails (8.0.4)
      actioncable (= 8.0.4)
      actionmailbox (= 8.0.4)
      actionmailer (= 8.0.4)
      actionpack (= 8.0.4)
      actiontext (= 8.0.4)
      actionview (= 8.0.4)
      activejob (= 8.0.4)
      activemodel (= 8.0.4)
      activerecord (= 8.0.4)
      activestorage (= 8.0.4)
      activesupport (= 8.0.4)
      bundler (>= 1.15.0)
      railties (= 8.0.4)
    rails-dom-testing (2.3.0)
      activesupport (>= 5.0.0)
      minitest
      nokogiri (>= 1.6)
    rails-html-sanitizer (1.6.2)
      loofah (~> 2.21)
      nokogiri (>= 1.15.7, != 1.16.7, != 1.16.6, != 1.16.5, != 1.16.4, != 1.16.3, != 1.16.2, != 1.16.1, != 1.16.0.rc1, != 1.16.0)
    rails-i18n (8.0.1)
      i18n (>= 0.7, < 2)
      railties (>= 8.0.0, < 9)
    railties (8.0.4)
      actionpack (= 8.0.4)
      activesupport (= 8.0.4)
      irb (~> 1.13)
      rackup (>= 1.0.0)
      rake (>= 12.2)
      thor (~> 1.0, >= 1.2.2)
      tsort (>= 0.2)
      zeitwerk (~> 2.6)
    rainbow (3.1.1)
    rake (13.3.1)
    rake-compiler-dock (1.9.1)
    ransack (4.3.0)
      activerecord (>= 6.1.5)
      activesupport (>= 6.1.5)
      i18n
    rb-fsevent (0.11.2)
    rb-gravatar (1.0.7)
    rb-inotify (0.11.1)
      ffi (~> 1.0)
    rb_sys (0.9.111)
      rake-compiler-dock (= 1.9.1)
    rbs (3.6.1)
      logger
    rdoc (6.15.0)
      erb
      psych (>= 4.0.0)
      tsort
    redcarpet (3.6.1)
    redis (5.4.0)
      redis-client (>= 0.22.0)
    redis-client (0.23.2)
      connection_pool
    regexp_parser (2.10.0)
    reline (0.6.2)
      io-console (~> 0.5)
    representable (3.2.0)
      declarative (< 0.1.0)
      trailblazer-option (>= 0.1.1, < 0.2.0)
      uber (< 0.2.0)
    request_store (1.7.0)
      rack (>= 1.4)
    retriable (3.1.2)
    reverse_markdown (3.0.0)
      nokogiri
    rexml (3.4.1)
    rubocop (1.73.1)
      json (~> 2.3)
      language_server-protocol (~> 3.17.0.2)
      lint_roller (~> 1.1.0)
      parallel (~> 1.10)
      parser (>= 3.3.0.2)
      rainbow (>= 2.2.2, < 4.0)
      regexp_parser (>= 2.9.3, < 3.0)
      rubocop-ast (>= 1.38.0, < 2.0)
      ruby-progressbar (~> 1.7)
      unicode-display_width (>= 2.4.0, < 4.0)
    rubocop-ast (1.38.1)
      parser (>= 3.3.1.0)
    rubocop-performance (1.24.0)
      lint_roller (~> 1.1)
      rubocop (>= 1.72.1, < 2.0)
      rubocop-ast (>= 1.38.0, < 2.0)
    rubocop-rails (2.30.2)
      activesupport (>= 4.2.0)
      lint_roller (~> 1.1)
      rack (>= 1.1)
      rubocop (>= 1.72.1, < 2.0)
      rubocop-ast (>= 1.38.0, < 2.0)
    rubocop-rails-omakase (1.1.0)
      rubocop (>= 1.72)
      rubocop-performance (>= 1.24)
      rubocop-rails (>= 2.30)
    ruby-next-core (1.1.1)
    ruby-progressbar (1.13.0)
    ruby2_keywords (0.0.5)
    ruby_llm (1.6.4)
      base64
      event_stream_parser (~> 1)
      faraday (>= 1.10.0)
      faraday-multipart (>= 1)
      faraday-net_http (>= 1)
      faraday-retry (>= 1)
      marcel (~> 1.0)
      zeitwerk (~> 2)
    rubyzip (2.4.1)
    securerandom (0.4.1)
    selenium-webdriver (4.34.0)
      base64 (~> 0.2)
      logger (~> 1.4)
      rexml (~> 3.2, >= 3.2.5)
      rubyzip (>= 1.2.2, < 3.0)
      websocket (~> 1.0)
    shellany (0.0.1)
    signet (0.21.0)
      addressable (~> 2.8)
      faraday (>= 0.17.5, < 3.a)
      jwt (>= 1.5, < 4.0)
      multi_json (~> 1.10)
    simple_form (5.3.1)
      actionpack (>= 5.2)
      activemodel (>= 5.2)
    simpleidn (0.2.3)
    slim (5.2.1)
      temple (~> 0.10.0)
      tilt (>= 2.1.0)
    slim-rails (3.7.0)
      actionpack (>= 3.1)
      railties (>= 3.1)
      slim (>= 3.0, < 6.0, != 5.0.0)
    snaky_hash (2.0.1)
      hashie
      version_gem (~> 1.1, >= 1.1.1)
    solargraph (0.56.2)
      backport (~> 1.2)
      benchmark (~> 0.4)
      bundler (~> 2.0)
      diff-lcs (~> 1.4)
      jaro_winkler (~> 1.6, >= 1.6.1)
      kramdown (~> 2.3)
      kramdown-parser-gfm (~> 1.1)
      logger (~> 1.6)
      observer (~> 0.1)
      ostruct (~> 0.6)
      parser (~> 3.0)
      prism (~> 1.4)
      rbs (~> 3.6.1)
      reverse_markdown (~> 3.0)
      rubocop (~> 1.38)
      thor (~> 1.0)
      tilt (~> 2.0)
      yard (~> 0.9, >= 0.9.24)
      yard-solargraph (~> 0.1)
    solid_cable (3.0.11)
      actioncable (>= 7.2)
      activejob (>= 7.2)
      activerecord (>= 7.2)
      railties (>= 7.2)
    solid_cache (1.0.7)
      activejob (>= 7.2)
      activerecord (>= 7.2)
      railties (>= 7.2)
    solid_queue (1.1.5)
      activejob (>= 7.1)
      activerecord (>= 7.1)
      concurrent-ruby (>= 1.3.1)
      fugit (~> 1.11.0)
      railties (>= 7.1)
      thor (~> 1.3.1)
    solid_queue_dashboard (0.2.0)
      chartkick (>= 5.0)
      groupdate (>= 6.5)
      solid_queue (>= 1.0.0)
    sorcery (0.17.0)
      bcrypt (~> 3.1)
      oauth (>= 0.6)
      oauth2 (~> 2.0)
    sshkit (1.24.0)
      base64
      logger
      net-scp (>= 1.1.2)
      net-sftp (>= 2.1.2)
      net-ssh (>= 2.8.0)
      ostruct
    state_machines (0.31.0)
    state_machines-activemodel (0.31.0)
      activemodel (>= 7.1)
      state_machines (>= 0.31.0)
    state_machines-activerecord (0.40.0)
      activerecord (>= 7.2)
      state_machines-activemodel (>= 0.10.0)
    stimulus-rails (1.3.4)
      railties (>= 6.0.0)
    stringio (3.1.7)
    strip_attributes (2.0.0)
      activemodel (>= 3.0, < 9.0)
    temple (0.10.3)
    terminal-notifier-guard (1.7.0)
    thor (1.3.2)
    thruster (0.1.14)
    thruster (0.1.14-aarch64-linux)
    thruster (0.1.14-arm64-darwin)
    thruster (0.1.14-x86_64-linux)
    tilt (2.6.0)
    timeout (0.4.4)
    trailblazer-option (0.1.2)
    tsort (0.2.0)
    turbo-rails (2.0.16)
      actionpack (>= 7.1.0)
      railties (>= 7.1.0)
    tzinfo (2.0.6)
      concurrent-ruby (~> 1.0)
    uber (0.1.0)
    unicode-display_width (3.1.4)
      unicode-emoji (~> 4.0, >= 4.0.4)
    unicode-emoji (4.0.4)
    uri (1.0.4)
    useragent (0.16.11)
    valid_email (0.2.1)
      activemodel
      mail (>= 2.6.1)
      simpleidn
    version_gem (1.1.4)
    web-console (4.2.1)
      actionview (>= 6.0.0)
      activemodel (>= 6.0.0)
      bindex (>= 0.4.0)
      railties (>= 6.0.0)
    websocket (1.2.11)
    websocket-driver (0.8.0)
      base64
      websocket-extensions (>= 0.1.0)
    websocket-extensions (0.1.5)
    xpath (3.2.0)
      nokogiri (~> 1.8)
    yabeda (0.13.1)
      anyway_config (>= 1.0, < 3)
      concurrent-ruby
      dry-initializer
    yabeda-activerecord (0.1.1)
      activerecord (>= 6.0)
      yabeda (~> 0.6)
    yabeda-prometheus-mmap (0.4.0)
      prometheus-client-mmap
      yabeda (~> 0.10)
    yabeda-puma-plugin (0.7.1)
      json
      puma
      yabeda (~> 0.5)
    yabeda-rails (0.9.0)
      activesupport
      anyway_config (>= 1.3, < 3)
      railties
      yabeda (~> 0.8)
    yard (0.9.37)
    yard-solargraph (0.1.0)
      yard (~> 0.9)
    zeitwerk (2.7.3)
    zstd-ruby (1.5.6.6)

PLATFORMS
  aarch64-linux
  aarch64-linux-gnu
  aarch64-linux-musl
  arm-linux-gnu
  arm-linux-musl
  arm64-darwin-23
  arm64-darwin-24
  x86_64-linux
  x86_64-linux-gnu
  x86_64-linux-musl

DEPENDENCIES
  active_link_to (~> 1.0)
  administrate!
  anyway_config (~> 2.7)
  bcrypt (~> 3.1.7)
  bootsnap
  bootstrap-icons-helper (~> 2.0)
  brakeman
  bugsnag (~> 6.27)
  capybara
  cssbundling-rails (~> 1.4)
  csv (~> 3.3)
  csv2md (~> 1.1)
  debug
  dip (~> 8.2.5)
  draper (~> 4.0)
  faker (~> 3.5)
  google_drive_maintained
  guard
  guard-ctags-bundler
  guard-minitest
  guard-rails
  guard-rubocop (~> 1.5)
  guard-shell (~> 0.7.2)
  hiredis (~> 0.6.3)
  importmap-rails
  jbuilder
  kamal
  kaminari (~> 1.2)
  letter_opener_web
  listen
  mailgun-ruby (~> 1.3)
  minitest
  mutex_m (~> 0.3.0)
  nanoid (~> 2.0)
  net-smtp (~> 0.5.0)
  pg (~> 1.1)
  propshaft
  puma (>= 5.0)
  rack-cors (~> 3.0)
  rails (~> 8.0.4)
  rails-i18n (~> 8.0)
  ransack (~> 4.3)
  rb-gravatar (~> 1.0)
  redcarpet (~> 3.6)
  redis (~> 5.4)
  request_store (~> 1.7)
  rubocop-rails-omakase
  ruby_llm (~> 1.6)
  selenium-webdriver
  semver2!
  simple_form (~> 5.3)
  slim-rails
  solargraph
  solid_cable
  solid_cache
  solid_queue
  solid_queue_dashboard (~> 0.2.0)
  sorcery (~> 0.17.0)
  state_machines (~> 0.31.0)
  state_machines-activerecord
  stimulus-rails
  strip_attributes (~> 2.0)
  telegram-bot!
  terminal-notifier-guard
  thruster
  turbo-rails
  tzinfo-data
  valid_email (~> 0.2.1)
  web-console
  yabeda (~> 0.13.1)
  yabeda-activerecord (~> 0.1.1)
  yabeda-prometheus-mmap
  yabeda-puma-plugin
  yabeda-rails (~> 0.9.0)
  zstd-ruby (~> 1.5)

BUNDLED WITH
   2.7.1
